GEM
  remote: https://rubygems.org/
  specs:
    CFPropertyList (2.2.7)
    builder (3.2.2)
    deep_merge (1.0.1)
    diff-lcs (1.2.5)
    facter (2.0.1)
      CFPropertyList (~> 2.2.6)
    hiera (1.3.2)
      json_pure
    highline (1.6.21)
    json (1.8.1)
    json_pure (1.8.1)
    librarian (0.1.2)
      highline
      thor (~> 0.15)
    librarian-puppet (1.0.1)
      json
      librarian (>= 0.1.2)
    metaclass (0.0.4)
    mocha (1.0.0)
      metaclass (~> 0.0.1)
    parallel (1.0.0)
    puppet (3.5.1)
      facter (> 1.6, < 3)
      hiera (~> 1.0)
      json_pure
      rgen (~> 0.6.5)
    puppet-catalog-test (0.3.1)
      builder
      parallel
      puppet
    puppet-lint (0.3.2)
    puppetlabs_spec_helper (0.4.1)
      mocha (>= 0.10.5)
      rake
      rspec (>= 2.9.0)
      rspec-puppet (>= 0.1.1)
    rake (10.3.1)
    rgen (0.6.6)
    rspec (2.14.1)
      rspec-core (~> 2.14.0)
      rspec-expectations (~> 2.14.0)
      rspec-mocks (~> 2.14.0)
    rspec-core (2.14.8)
    rspec-expectations (2.14.5)
      diff-lcs (>= 1.1.3, < 2.0)
    rspec-mocks (2.14.6)
    rspec-puppet (1.0.1)
      rspec
    thor (0.19.1)

PLATFORMS
  ruby

DEPENDENCIES
  deep_merge (~> 1.0.1)
  hiera (~> 1.3.2)
  librarian-puppet (~> 1.0.1)
  mocha (~> 1.0.0)
  puppet (~> 3.5.1)
  puppet-catalog-test (~> 0.3.1)
  puppet-lint (~> 0.3.2)
  puppetlabs_spec_helper (~> 0.4.1)
  rake (~> 10.3.1)
  rspec-puppet (~> 1.0.1)
